PATH
  remote: .
  specs:
    tweetkit (0.1.0)

GEM
  remote: https://rubygems.org/
  specs:
    coderay (1.1.3)
    faraday (1.4.2)
      faraday-em_http (~> 1.0)
      faraday-em_synchrony (~> 1.0)
      faraday-excon (~> 1.1)
      faraday-net_http (~> 1.0)
      faraday-net_http_persistent (~> 1.1)
      multipart-post (>= 1.2, < 3)
      ruby2_keywords (>= 0.0.4)
    faraday-em_http (1.0.0)
    faraday-em_synchrony (1.0.0)
    faraday-excon (1.1.0)
    faraday-net_http (1.0.1)
    faraday-net_http_persistent (1.1.0)
    method_source (1.0.0)
    minitest (5.14.4)
    multipart-post (2.1.1)
    pry (0.13.1)
      coderay (~> 1.1)
      method_source (~> 1.0)
    rake (12.3.3)
    ruby2_keywords (0.0.4)

PLATFORMS
  ruby

DEPENDENCIES
  faraday
  minitest (~> 5.0)
  pry (~> 0.13.1)
  rake (~> 12.0)
  tweetkit!

BUNDLED WITH
   2.1.4
